GEM
  remote: http://rubygems.org/
  specs:
    eventmachine (1.0.0)
    faye-websocket (0.4.6)
      eventmachine (>= 0.12.0)
    git (1.2.5)
    jeweler (1.8.4)
      bundler (~> 1.0)
      git (>= 1.2.5)
      rake
      rdoc
    json (1.7.5)
    minitest (4.1.0)
    multi_json (1.3.6)
    posix-spawn (0.3.6)
    puma (1.6.3)
      rack (~> 1.2)
    rack (1.4.1)
    rake (0.9.2.2)
    rdoc (3.12)
      json (~> 1.4)
    simplecov (0.7.1)
      multi_json (~> 1.0)
      simplecov-html (~> 0.7.1)
    simplecov-html (0.7.1)
    yard (0.8.3)

PLATFORMS
  ruby

DEPENDENCIES
  bundler (>= 1.2.1)
  eventmachine (>= 1.0.0)
  faye-websocket (>= 0.4.6)
  jeweler (>= 1.8.4)
  minitest (>= 4.1.0)
  posix-spawn (>= 0.3.6)
  puma (>= 1.6.3)
  rack (>= 1.4.1)
  rdoc (>= 3.12)
  simplecov (>= 0.7.1)
  yard (>= 0.8.3)
